GEM
  remote: https://rubygems.org/
  specs:
    flipper (0.16.0)
    flipper-api (0.16.0)
      flipper (~> 0.16.0)
      rack (>= 1.4, < 3)
    flipper-sequel (0.16.0)
      flipper (~> 0.16.0)
      sequel (>= 4.0.0, < 5)
    mysql2 (0.5.2)
    puma (3.12.2)
    rack (2.0.6)
    sequel (4.49.0)

PLATFORMS
  ruby

DEPENDENCIES
  flipper (~> 0.16.0)
  flipper-api (~> 0.16.0)
  flipper-sequel (~> 0.16.0)
  mysql2 (~> 0.5.2)
  puma (~> 3.12.2)
  rack (~> 2.0.6)

BUNDLED WITH
   1.16.6
